GIT
  remote: https://github.com/sinatra/sinatra.git
  revision: e69b6b9dee7165d3a583fc8a6af10ceee1ea687d
  specs:
    rack-protection (2.1.0)
      rack
    sinatra (2.1.0)
      mustermann (~> 1.0)
      rack (~> 2.2)
      rack-protection (= 2.1.0)
      tilt (~> 2.0)
    sinatra-contrib (2.1.0)
      multi_json
      mustermann (~> 1.0)
      rack-protection (= 2.1.0)
      sinatra (= 2.1.0)
      tilt (~> 2.0)

GEM
  remote: https://rubygems.org/
  specs:
    multi_json (1.15.0)
    mustermann (1.1.1)
      ruby2_keywords (~> 0.0.1)
    rack (2.2.3)
    ruby2_keywords (0.0.5)
    tilt (2.0.10)

PLATFORMS
  ruby

DEPENDENCIES
  multi_json
  sinatra!
  sinatra-contrib!

RUBY VERSION
   ruby 2.7.5p203

BUNDLED WITH
   2.1.4
